GEM
  remote: https://rubygems.org/
  specs:
    addressable (2.5.0)
      public_suffix (~> 2.0, >= 2.0.2)
    bond (0.5.1)
    childprocess (0.6.1)
      ffi (~> 1.0, >= 1.0.11)
    concurrent-ruby (1.0.4)
    data_magic (1.0)
      faker (>= 1.1.2)
      yml_reader (>= 0.6)
    declarative (0.0.9)
    declarative-option (0.1.0)
    domain_name (0.5.20161129)
      unf (>= 0.0.5, < 1.0.0)
    dry-configurable (0.5.0)
      concurrent-ruby (~> 1.0)
    dry-container (0.6.0)
      concurrent-ruby (~> 1.0)
      dry-configurable (~> 0.1, >= 0.1.3)
    dry-core (0.2.4)
      concurrent-ruby (~> 1.0)
    dry-equalizer (0.2.0)
    dry-logic (0.4.1)
      dry-container (~> 0.2, >= 0.2.6)
      dry-core (~> 0.2)
      dry-equalizer (~> 0.2)
    dry-matcher (0.6.0)
    dry-monads (0.2.1)
      dry-equalizer
    dry-transaction (0.9.0)
      dry-container (>= 0.2.8)
      dry-matcher (>= 0.5.0)
      dry-monads (>= 0.0.1)
      wisper (>= 1.6.0)
    dry-types (0.9.4)
      concurrent-ruby (~> 1.0)
      dry-configurable (~> 0.1)
      dry-container (~> 0.3)
      dry-core (~> 0.2, >= 0.2.1)
      dry-equalizer (~> 0.2)
      dry-logic (~> 0.4, >= 0.4.0)
      inflecto (~> 0.0.0, >= 0.0.2)
    dry-validation (0.10.5)
      concurrent-ruby (~> 1.0)
      dry-configurable (~> 0.1, >= 0.1.3)
      dry-core (~> 0.2, >= 0.2.1)
      dry-equalizer (~> 0.2)
      dry-logic (~> 0.4, >= 0.4.0)
      dry-types (~> 0.9, >= 0.9.0)
    econfig (2.0.0)
    erubis (2.7.0)
    faker (1.7.3)
      i18n (~> 0.5)
    ffi (1.9.17)
    flay (2.8.1)
      erubis (~> 2.7.0)
      path_expander (~> 1.0)
      ruby_parser (~> 3.0)
      sexp_processor (~> 4.0)
    flog (4.6.1)
      path_expander (~> 1.0)
      ruby_parser (~> 3.1, > 3.1.0)
      sexp_processor (~> 4.8)
    headless (2.3.1)
    http (2.2.1)
      addressable (~> 2.3)
      http-cookie (~> 1.0)
      http-form_data (~> 1.0.1)
      http_parser.rb (~> 0.6.0)
    http-cookie (1.0.3)
      domain_name (~> 0.5)
    http-form_data (1.0.1)
    http_parser.rb (0.6.0)
    i18n (0.8.0)
    inflecto (0.0.2)
    json (2.0.3)
    listen (3.1.5)
      rb-fsevent (~> 0.9, >= 0.9.4)
      rb-inotify (~> 0.9, >= 0.9.7)
      ruby_dep (~> 1.2)
    minitest (5.10.1)
    minitest-rg (5.2.0)
      minitest (~> 5.0)
    multi_json (1.12.1)
    net-http-persistent (2.9.4)
    page-object (2.0.0)
      net-http-persistent (~> 2.9.4)
      page_navigation (>= 0.9)
      selenium-webdriver (~> 3.0)
      watir (~> 6.0)
    page_navigation (0.10)
      data_magic (>= 0.22)
    path_expander (1.0.1)
    public_suffix (2.0.5)
    puma (3.7.0)
    rack (1.6.5)
    rack-flash3 (1.0.5)
      rack
    rack-protection (1.5.3)
      rack
    rack-test (0.6.3)
      rack (>= 1.0)
    rake (12.0.0)
    rb-fsevent (0.9.8)
    rb-inotify (0.9.8)
      ffi (>= 0.5.0)
    representable (3.0.3)
      declarative (< 0.1.0)
      declarative-option (< 0.2.0)
      uber (< 0.2.0)
    rerun (0.11.0)
      listen (~> 3.0)
    ripl (0.7.1)
      bond (~> 0.5.1)
    ripl-multi_line (0.3.1)
      ripl (>= 0.3.6)
    ripl-rack (0.2.1)
      rack (>= 1.0)
      rack-test (~> 0.6.2)
      ripl (>= 0.7.0)
    roar (1.1.0)
      representable (~> 3.0.0)
    ruby_dep (1.5.0)
    ruby_parser (3.8.4)
      sexp_processor (~> 4.1)
    rubyzip (1.2.1)
    selenium-webdriver (3.0.8)
      childprocess (~> 0.5)
      rubyzip (~> 1.0)
      websocket (~> 1.0)
    sexp_processor (4.8.0)
    sinatra (1.4.8)
      rack (~> 1.5)
      rack-protection (~> 1.4)
      tilt (>= 1.3, < 3)
    slim (3.0.7)
      temple (~> 0.7.6)
      tilt (>= 1.3.3, < 2.1)
    temple (0.7.7)
    tilt (2.0.6)
    tux (0.3.0)
      ripl (>= 0.3.5)
      ripl-multi_line (>= 0.2.4)
      ripl-rack (>= 0.2.0)
      sinatra (>= 1.2.1)
    uber (0.1.0)
    unf (0.1.4)
      unf_ext
    unf_ext (0.0.7.2)
    watir (6.1.0)
      selenium-webdriver (~> 3.0)
    watir-webdriver (0.9.9)
      selenium-webdriver (>= 2.46.2)
    websocket (1.2.4)
    wisper (1.6.1)
    yml_reader (0.7)

PLATFORMS
  ruby

DEPENDENCIES
  concurrent-ruby (~> 1.0)
  dry-container
  dry-monads
  dry-transaction
  dry-validation
  econfig
  flay
  flog
  headless
  http
  json
  minitest
  minitest-rg
  multi_json
  page-object
  puma
  rack-flash3
  rake
  rerun
  roar
  sinatra
  slim
  tux
  watir-webdriver

RUBY VERSION
   ruby 2.3.1p112

BUNDLED WITH
   1.14.3
